GEM
  remote: https://rubygems.org/
  specs:
    minitest (5.14.0)

PLATFORMS
  ruby

DEPENDENCIES
  minitest (~> 5.14)

RUBY VERSION
   ruby 2.6.5p114

BUNDLED WITH
   2.0.2
