GEM
  remote: https://rubygems.org/
  specs:
    coderay (1.1.2)
    method_source (0.9.2)
    minitest (5.14.0)
    pry (0.12.2)
      coderay (~> 1.1.0)
      method_source (~> 0.9.0)
    pry-nav (0.3.0)
      pry (>= 0.9.10, < 0.13.0)
    pry-rails (0.3.9)
      pry (>= 0.10.4)

PLATFORMS
  ruby

DEPENDENCIES
  minitest (~> 5.14)
  pry
  pry-nav
  pry-rails

RUBY VERSION
   ruby 2.6.5p114

BUNDLED WITH
   2.0.2
